GEM
  remote: https://rubygems.org/
  specs:
    chunky_png (1.3.8)
    ffi (1.9.18)
    narray (0.6.1.2)
    narray_ffi (1.4.3)
      ffi (~> 1.9, >= 1.9.3)
      narray (~> 0.6, >= 0.6.0.8)
    opencl_ruby_ffi (1.3.3)
      ffi (~> 1.9, >= 1.9.3)
      narray (~> 0.6, >= 0.6.0.8)
      narray_ffi (~> 1.0, >= 1.0.0)

PLATFORMS
  ruby

DEPENDENCIES
  chunky_png
  opencl_ruby_ffi

BUNDLED WITH
   1.15.4
